GIT
  remote: git://github.com/derekr/foursquare2.git
  revision: a7173e886e3d9a8426252dbbfddbb9d054ad1e1b
  branch: venue-events
  specs:
    foursquare2 (1.9.0)
      faraday (~> 0.8)
      faraday_middleware (>= 0.8)
      hashie (~> 1.0)

GEM
  remote: http://rubygems.org/
  specs:
    backports (2.6.5)
    eventmachine (1.0.0)
    faraday (0.8.4)
      multipart-post (~> 1.1)
    faraday_middleware (0.9.0)
      faraday (>= 0.7.4, < 0.9)
    hashie (1.2.0)
    multipart-post (1.1.5)
    rack (1.4.1)
    rack-protection (1.2.0)
      rack
    rack-test (0.6.2)
      rack (>= 1.0)
    sinatra (1.3.3)
      rack (~> 1.3, >= 1.3.6)
      rack-protection (~> 1.2)
      tilt (~> 1.3, >= 1.3.3)
    sinatra-contrib (1.3.2)
      backports (>= 2.0)
      eventmachine
      rack-protection
      rack-test
      sinatra (~> 1.3.0)
      tilt (~> 1.3)
    tilt (1.3.3)

PLATFORMS
  ruby

DEPENDENCIES
  foursquare2!
  sinatra
  sinatra-contrib
